GIT
  remote: https://github.com/JEG2/highline.git
  revision: 85a076ff48a077dd28ec978aef81266a9d5e2b84
  specs:
    highline (1.6.20)

GIT
  remote: https://github.com/erikhuda/thor.git
  revision: 615d69cae3ffdcc4c109a1e68a56af0330ce30c3
  specs:
    thor (0.18.1)

GIT
  remote: https://github.com/rorymckinley/luhnacy.git
  revision: 8c70fde4d856340f5ac0a044692c0ead39c4f2df
  specs:
    luhnacy (0.2.1)

GEM
  specs:
    activemodel (4.0.0)
      activesupport (= 4.0.0)
      builder (~> 3.1.0)
    activerecord (4.0.0)
      activemodel (= 4.0.0)
      activerecord-deprecated_finders (~> 1.0.2)
      activesupport (= 4.0.0)
      arel (~> 4.0.0)
    activerecord-deprecated_finders (1.0.3)
    activesupport (4.0.0)
      i18n (~> 0.6, >= 0.6.4)
      minitest (~> 4.2)
      multi_json (~> 1.3)
      thread_safe (~> 0.1)
      tzinfo (~> 0.3.37)
    arel (4.0.1)
    atomic (1.1.14)
    builder (3.1.4)
    i18n (0.6.5)
    minitest (4.7.5)
    multi_json (1.8.2)
    sqlite3 (1.3.8)
    thread_safe (0.1.3)
      atomic
    tzinfo (0.3.38)

PLATFORMS
  ruby

DEPENDENCIES
  activerecord
  activesupport
  highline!
  luhnacy!
  sqlite3
  thor!
