GIT
  remote: https://github.com/erikhuda/thor.git
  revision: 615d69cae3ffdcc4c109a1e68a56af0330ce30c3
  specs:
    thor (0.18.1)

GEM
  specs:
    diff-lcs (1.2.5)
    rspec (2.14.1)
      rspec-core (~> 2.14.0)
      rspec-expectations (~> 2.14.0)
      rspec-mocks (~> 2.14.0)
    rspec-core (2.14.7)
    rspec-expectations (2.14.4)
      diff-lcs (>= 1.1.3, < 2.0)
    rspec-mocks (2.14.4)

PLATFORMS
  ruby

DEPENDENCIES
  rspec
  thor!
