GIT
  remote: https://github.com/erikhuda/thor.git
  revision: 615d69cae3ffdcc4c109a1e68a56af0330ce30c3
  specs:
    thor (0.18.1)

GEM
  specs:

PLATFORMS
  ruby

DEPENDENCIES
  thor!
